GEM
  remote: https://rubygems.org/
  specs:
    amq-protocol (2.3.0)
    bunny (2.9.1)
      amq-protocol (~> 2.3.0)
    concurrent-ruby (1.0.5)
    gmail (0.6.0)
      gmail_xoauth (>= 0.3.0)
      mail (>= 2.2.1)
    gmail_xoauth (0.4.2)
      oauth (>= 0.3.6)
    mail (2.7.0)
      mini_mime (>= 0.1.1)
    mini_mime (1.0.0)
    oauth (0.5.4)
    redis (4.0.1)

PLATFORMS
  x86-mingw32

DEPENDENCIES
  bunny (>= 2.9.0)
  concurrent-ruby
  gmail
  redis

BUNDLED WITH
   1.15.3
