GEM
  remote: https://rubygems.org/
  specs:
    amq-protocol (2.3.0)
    bunny (2.9.1)
      amq-protocol (~> 2.3.0)
    concurrent-ruby (1.0.5)
    redis (4.0.1)

PLATFORMS
  x86-mingw32

DEPENDENCIES
  bunny (>= 2.9.0)
  concurrent-ruby
  redis

BUNDLED WITH
   1.15.3
